PATH
  remote: .
  specs:
    RubyFarmer (0.1.0)

GEM
  remote: https://rubygems.org/
  specs:
    minitest (5.14.2)
    rake (13.0.3)

PLATFORMS
  x86_64-darwin-20

DEPENDENCIES
  RubyFarmer!
  minitest (~> 5.0)
  rake (~> 13.0)

BUNDLED WITH
   2.3.7
